PATH
  remote: .
  specs:
    analog (0.1.2)
      activemodel
      activesupport
      cli-ui
      dimensions
      dry-cli
      erb
      liquid
      multi_exiftool
      terminal-table
      yaml
      zeitwerk

GEM
  remote: https://rubygems.org/
  specs:
    activemodel (6.1.3.1)
      activesupport (= 6.1.3.1)
    activesupport (6.1.3.1)
      concurrent-ruby (~> 1.0, >= 1.0.2)
      i18n (>= 1.6, < 2)
      minitest (>= 5.1)
      tzinfo (~> 2.0)
      zeitwerk (~> 2.3)
    byebug (11.1.3)
    cgi (0.2.0)
    cli-ui (1.5.1)
    concurrent-ruby (1.1.9)
    diff-lcs (1.4.4)
    dimensions (1.3.0)
    dry-cli (0.7.0)
    erb (2.2.3)
      cgi
    i18n (1.8.10)
      concurrent-ruby (~> 1.0)
    liquid (5.0.1)
    minitest (5.14.4)
    multi_exiftool (0.16.0)
    rake (13.0.3)
    rspec (3.10.0)
      rspec-core (~> 3.10.0)
      rspec-expectations (~> 3.10.0)
      rspec-mocks (~> 3.10.0)
    rspec-core (3.10.1)
      rspec-support (~> 3.10.0)
    rspec-expectations (3.10.1)
      diff-lcs (>= 1.2.0, < 2.0)
      rspec-support (~> 3.10.0)
    rspec-mocks (3.10.2)
      diff-lcs (>= 1.2.0, < 2.0)
      rspec-support (~> 3.10.0)
    rspec-support (3.10.2)
    terminal-table (3.0.1)
      unicode-display_width (>= 1.1.1, < 3)
    tzinfo (2.0.4)
      concurrent-ruby (~> 1.0)
    unicode-display_width (2.0.0)
    yaml (0.1.1)
    zeitwerk (2.4.2)

PLATFORMS
  arm64-darwin-20
  x86_64-linux

DEPENDENCIES
  analog!
  bundler
  byebug
  rake
  rspec
  yaml

BUNDLED WITH
   2.2.3
